GEM
  remote: https://rubygems.org/
  specs:
    citrus (3.0.2)
    mustermann (1.0.2)
    rack (2.0.4)
    rack-protection (2.0.1)
      rack
    sinatra (2.0.1)
      mustermann (~> 1.0)
      rack (~> 2.0)
      rack-protection (= 2.0.1)
      tilt (~> 2.0)
    tilt (2.0.8)
    toml-rb (1.1.1)
      citrus (~> 3.0, > 3.0)

PLATFORMS
  ruby

DEPENDENCIES
  sinatra
  toml-rb

BUNDLED WITH
   1.16.1
