GEM
  remote: https://rubygems.org/
  specs:
    citrus (3.0.2)
    mustermann (1.0.0)
    rack (2.0.1)
    rack-protection (2.0.0)
      rack
    sinatra (2.0.0)
      mustermann (~> 1.0)
      rack (~> 2.0)
      rack-protection (= 2.0.0)
      tilt (~> 2.0)
    tilt (2.0.7)
    toml-rb (0.3.15)
      citrus (~> 3.0, > 3.0)

PLATFORMS
  ruby

DEPENDENCIES
  sinatra
  toml-rb

BUNDLED WITH
   1.13.3
